PATH
  remote: .
  specs:
    applocale (0.3.1)
      colorize (~> 0.8.1)
      google-api-client (~> 0.11)
      parallel (= 1.11.2)
      rubyXL (~> 3.3, >= 3.3.23)
      thor (~> 0.19.4)

GEM
  remote: https://rubygems.org/
  specs:
    addressable (2.8.1)
      public_suffix (>= 2.0.2, < 6.0)
    colorize (0.8.1)
    declarative (0.0.20)
    declarative-option (0.1.0)
    faraday (0.17.5)
      multipart-post (>= 1.2, < 3)
    google-api-client (0.32.1)
      addressable (~> 2.5, >= 2.5.1)
      googleauth (>= 0.5, < 0.10.0)
      httpclient (>= 2.8.1, < 3.0)
      mini_mime (~> 1.0)
      representable (~> 3.0)
      retriable (>= 2.0, < 4.0)
      signet (~> 0.10)
    googleauth (0.9.0)
      faraday (~> 0.12)
      jwt (>= 1.4, < 3.0)
      memoist (~> 0.16)
      multi_json (~> 1.11)
      os (>= 0.9, < 2.0)
      signet (~> 0.7)
    httpclient (2.8.3)
    jwt (2.3.0)
    memoist (0.16.2)
    mini_mime (1.1.2)
    mini_portile2 (2.4.0)
    minitest (5.10.2)
    multi_json (1.15.0)
    multipart-post (2.2.3)
    nokogiri (1.10.10)
      mini_portile2 (~> 2.4.0)
    os (1.1.4)
    parallel (1.11.2)
    public_suffix (4.0.7)
    rake (10.5.0)
    representable (3.0.4)
      declarative (< 0.1.0)
      declarative-option (< 0.2.0)
      uber (< 0.2.0)
    retriable (3.1.2)
    rubyXL (3.4.25)
      nokogiri (>= 1.10.8)
      rubyzip (>= 1.3.0)
    rubyzip (1.3.0)
    signet (0.11.0)
      addressable (~> 2.3)
      faraday (~> 0.9)
      jwt (>= 1.5, < 3.0)
      multi_json (~> 1.10)
    thor (0.19.4)
    uber (0.1.0)

PLATFORMS
  ruby

DEPENDENCIES
  applocale!
  bundler (~> 1.12)
  minitest (~> 5.0)
  rake (~> 10.0)

BUNDLED WITH
   1.16.2
